PATH
  remote: ../bloc_works
  specs:
    bloc_works (0.1.0)
      bloc_record
      erubis (~> 2.7)

GEM
  remote: https://rubygems.org/
  specs:
    activesupport (4.2.8)
      i18n (~> 0.7)
      minitest (~> 5.1)
      thread_safe (~> 0.3, >= 0.3.4)
      tzinfo (~> 1.1)
    bloc_record (0.0.2)
      activesupport (~> 4.2)
      sqlite3 (~> 1.3)
    erubis (2.7.0)
    i18n (0.8.1)
    minitest (5.10.1)
    sqlite3 (1.3.13)
    thread_safe (0.3.6)
    tzinfo (1.2.3)
      thread_safe (~> 0.1)

PLATFORMS
  ruby

DEPENDENCIES
  bloc_works!

BUNDLED WITH
   1.14.6
