PATH
  remote: ../bloc_works
  specs:
    bloc_works (0.0.4)
      erubis (~> 2.7)

GEM
  remote: https://rubygems.org/
  specs:
    autoprefixer-rails (6.7.7.1)
      execjs
    bootstrap (4.0.0.alpha6)
      autoprefixer-rails (>= 6.0.3)
      sass (>= 3.4.19)
    coderay (1.1.1)
    erubis (2.7.0)
    execjs (2.7.0)
    method_source (0.8.2)
    pry (0.10.4)
      coderay (~> 1.1.0)
      method_source (~> 0.8.1)
      slop (~> 3.4)
    sass (3.4.23)
    slop (3.6.0)
    sqlite3 (1.3.13)

PLATFORMS
  ruby

DEPENDENCIES
  bloc_works!
  bootstrap
  pry
  sqlite3

BUNDLED WITH
   1.14.4
