PATH
  remote: ../bloc_works
  specs:
    bloc_works (0.0.4)
      erubis (~> 2.7)

GEM
  remote: https://rubygems.org/
  specs:
    erubis (2.7.0)

PLATFORMS
  ruby

DEPENDENCIES
  bloc_works!

BUNDLED WITH
   1.14.4
